GEM
  remote: https://rubygems.org/
  specs:
    activesupport (4.0.4)
      i18n (~> 0.6, >= 0.6.9)
      minitest (~> 4.2)
      multi_json (~> 1.3)
      thread_safe (~> 0.1)
      tzinfo (~> 0.3.37)
    i18n (0.6.9)
    jrjackson (0.2.6)
    minitest (4.7.5)
    multi_json (1.9.2)
    rake (10.3.0)
    redis (3.0.7)
    rubydoop (1.1.3)
    thread_safe (0.3.3)
    thread_safe (0.3.3-java)
    tzinfo (0.3.39)

PLATFORMS
  java
  ruby

DEPENDENCIES
  activesupport (~> 4.0.0)
  jrjackson
  rake
  redis
  rubydoop
